##TITLE= Parameter file, TOPSPIN		Version 2.1
##JCAMPDX= 5.0
##DATATYPE= Parameter Values
##NPOINTS= 21	$$ modification sequence number
##ORIGIN= Bruker BioSpin GmbH
##OWNER= arbogastl
$$ 2016-10-21 11:26:34.749 -0400  arbogastl@us600.AD.IBBR.UMD.EDU
$$ /opt/topspin/data/arbogast/nmr/GB1/8/acqu
$$ process /opt/topspin/prog/mod/dataserver
##$ACQT0= 0
##$AMP= (0..31)
100 100 100 100 100 100 100 100 100 100 100 100 100 100 100 100 100 100
100 100 100 100 100 100 100 100 100 100 100 100 100 100
##$ANAVPT= 1
##$AQSEQ= 0
##$AQ_mod= 3
##$AUNM= <au_zg>
##$AUTOPOS= <>
##$BF1= 600.13
##$BF2= 600.13
##$BF3= 60.810645
##$BF4= 600.13
##$BF5= 600.02
##$BF6= 600.02
##$BF7= 600.02
##$BF8= 600.02
##$BYTORDA= 0
##$CFDGTYP= 2
##$CFRGTYP= 5
##$CHEMSTR= <none>
##$CNST= (0..63)
1 1 145 1 93 1 1 1 1 1 1 4 4 1 1 1 1 1 1 1 1 0 0 1 1 1 1 1 1 1 1 1 1 1
1 1 1 1 1 1 1 1 1 1 1 1 1 1 1 1 1 1 1 1 1 1 1 1 1 1 1 1 1 1
##$CPDPRG= <>
##$CPDPRG1= <mlev>
##$CPDPRG2= <mlev>
##$CPDPRG3= <garp>
##$CPDPRG4= <mlev>
##$CPDPRG5= <mlev>
##$CPDPRG6= <mlev>
##$CPDPRG7= <mlev>
##$CPDPRG8= <mlev>
##$CPDPRGB= <>
##$CPDPRGT= <>
##$D= (0..63)
0 1.5 0 0 0 0 0 0 0 0.06 0 0 0 0 0 0 0.0002 0 0 0 0 0 0 0 0.00225 0 0 0
0 0 0 0 0 0 0 0 0 0 0 0 0 0 0 0 0 0 0 0 0 0 0 0 0 0 0 0 0 0 0 0 0 0 0 0
##$DATE= 0
##$DBL= (0..7)
120 120 120 120 120 120 120 120
##$DBP= (0..7)
150 150 150 150 150 150 150 150
##$DBP07= 0
##$DBPNAM0= <>
##$DBPNAM1= <>
##$DBPNAM2= <>
##$DBPNAM3= <>
##$DBPNAM4= <>
##$DBPNAM5= <>
##$DBPNAM6= <>
##$DBPNAM7= <>
##$DBPOAL= (0..7)
0.5 0.5 0.5 0.5 0.5 0.5 0.5 0.5
##$DBPOFFS= (0..7)
0 0 0 0 0 0 0 0
##$DE= 6
##$DECBNUC= <off>
##$DECIM= 16
##$DECNUC= <off>
##$DECSTAT= 4
##$DIGMOD= 1
##$DIGTYP= 8
##$DL= (0..7)
0 120 120 120 120 120 120 120
##$DP= (0..7)
150 150 150 150 150 150 150 150
##$DP07= 0
##$DPNAME0= <>
##$DPNAME1= <>
##$DPNAME2= <>
##$DPNAME3= <>
##$DPNAME4= <>
##$DPNAME5= <>
##$DPNAME6= <>
##$DPNAME7= <>
##$DPOAL= (0..7)
0.5 0.5 0.5 0.5 0.5 0.5 0.5 0.5
##$DPOFFS= (0..7)
0 0 0 0 0 0 0 0
##$DQDMODE= 0
##$DR= 18
##$DS= 4
##$DSLIST= <SSSSSSSSSSSSSSS>
##$DSPFIRM= 0
##$DSPFVS= 0
##$DTYPA= 0
##$EXP= <>
##$F1LIST= <111111111111111>
##$F2LIST= <222222222222222>
##$F3LIST= <333333333333333>
##$FCUCHAN= (0..9)
0 2 0 3 0 0 0 0 0 0
##$FL1= 90
##$FL2= 90
##$FL3= 90
##$FL4= 90
##$FOV= 20
##$FQ1LIST= <freqlist>
##$FQ2LIST= <freqlist>
##$FQ3LIST= <freqlist>
##$FQ4LIST= <freqlist>
##$FQ5LIST= <freqlist>
##$FQ6LIST= <freqlist>
##$FQ7LIST= <freqlist>
##$FQ8LIST= <freqlist>
##$FRQLO3= 0
##$FRQLO3N= 0
##$FS= (0..7)
83 83 83 83 83 83 83 83
##$FTLPGN= 0
##$FW= 125000
##$FnMODE= 0
##$FnTYPE= 0
##$GP031= 0
##$GPNAM0= <sine.100>
##$GPNAM1= <SINE.100>
##$GPNAM10= <sine.100>
##$GPNAM11= <sine.100>
##$GPNAM12= <sine.100>
##$GPNAM13= <sine.100>
##$GPNAM14= <sine.100>
##$GPNAM15= <sine.100>
##$GPNAM16= <sine.100>
##$GPNAM17= <sine.100>
##$GPNAM18= <sine.100>
##$GPNAM19= <sine.100>
##$GPNAM2= <SINE.100>
##$GPNAM20= <sine.100>
##$GPNAM21= <sine.100>
##$GPNAM22= <sine.100>
##$GPNAM23= <sine.100>
##$GPNAM24= <sine.100>
##$GPNAM25= <sine.100>
##$GPNAM26= <sine.100>
##$GPNAM27= <sine.100>
##$GPNAM28= <sine.100>
##$GPNAM29= <sine.100>
##$GPNAM3= <SINE.100>
##$GPNAM30= <sine.100>
##$GPNAM31= <sine.100>
##$GPNAM4= <SINE.100>
##$GPNAM5= <SINE.100>
##$GPNAM6= <sine.100>
##$GPNAM7= <sine.100>
##$GPNAM8= <sine.100>
##$GPNAM9= <SINE.100>
##$GPX= (0..31)
0 0 0 0 0 0 0 0 0 0 0 0 0 0 0 0 0 0 0 0 0 0 0 0 0 0 0 0 0 0 0 0
##$GPY= (0..31)
0 0 0 0 0 0 0 0 0 0 0 0 0 0 0 0 0 0 0 0 0 0 0 0 0 0 0 0 0 0 0 0
##$GPZ= (0..31)
0 50 80 50 80 30 0 0 0 50 0 0 0 0 0 0 0 0 0 0 0 0 0 0 0 0 0 0 0 0 0 0
##$GRDPROG= <>
##$GRPDLY= -1
##$HDDUTY= 20
##$HDRATE= 20
##$HGAIN= (0..3)
0 0 0 0
##$HL1= 1
##$HL2= 35
##$HL3= 16
##$HL4= 17
##$HOLDER= 0
##$HPMOD= (0..7)
0 0 0 0 0 0 0 0
##$HPPRGN= 0
##$IN= (0..63)
0.001 0.001 0.001 0.001 0.001 0.001 0.001 0.001 0.001 0.001 0.001 0.001
0.001 0.001 0.001 0.001 0.001 0.001 0.001 0.001 0.001 0.001 0.001 0.001
0.001 0.001 0.001 0.001 0.001 0.001 0.001 0.001 0.001 0.001 0.001 0.001
0.001 0.001 0.001 0.001 0.001 0.001 0.001 0.001 0.001 0.001 0.001 0.001
0.001 0.001 0.001 0.001 0.001 0.001 0.001 0.001 0.001 0.001 0.001 0.001
0.001 0.001 0.001 0.001
##$INF= (0..7)
0 164.428449985854 0 0 0 0 0 0
##$INP= (0..63)
0 0 0 0 0 0 0 0 0 0 0 0 0 0 0 0 0 0 0 0 0 0 0 0 0 0 0 0 0 0 0 0 0 0 0 0
0 0 0 0 0 0 0 0 0 0 0 0 0 0 0 0 0 0 0 0 0 0 0 0 0 0 0 0
##$INSTRUM= <>
##$L= (0..31)
1 1 1 1 1 1 1 1 1 1 1 1 1 1 1 1 1 1 1 1 1 1 1 1 1 1 1 1 1 1 1 1
##$LFILTER= 10
##$LGAIN= -10
##$LINPSTP= 0
##$LOCKED= no
##$LOCKFLD= 0
##$LOCKGN= 0
##$LOCKPOW= -20
##$LOCKPPM= 0
##$LOCNUC= <2H>
##$LOCPHAS= 0
##$LOCSHFT= yes
##$LOCSW= 0
##$LTIME= 0.1
##$MASR= 0
##$MASRLST= <masrlst>
##$NBL= 1
##$NC= 0
##$NLOGCH= 4
##$NS= 16
##$NUC1= <1H>
##$NUC2= <off>
##$NUC3= <15N>
##$NUC4= <off>
##$NUC5= <off>
##$NUC6= <off>
##$NUC7= <off>
##$NUC8= <off>
##$NUCLEI= 0
##$NUCLEUS= <off>
##$O1= 2832.6136
##$O2= 0
##$O3= 7206.0614325
##$O4= 0
##$O5= 9999.99999999091
##$O6= 9999.99999999091
##$O7= 9999.99999999091
##$O8= 9999.99999999091
##$OBSCHAN= (0..9)
0 0 0 0 0 0 0 0 0 0
##$OVERFLW= 0
##$P= (0..63)
9.25 10.55 18.5 11.5 23 18.48 28 56 20000 25.5 51 1000 80000 0 500 200000
1000 2500 10000 600 2500 38.5 77 0 2000 400 0 9.25 1000 1200 0 1730 20000
0 0 0 0 0 0 160 2400 0 0 0 0 0 0 0 0 0 0 0 0 0 0 0 0 0 0 0 0 0 0 1500
##$PACOIL= (0..15)
0 0 0 0 0 0 0 0 0 0 0 0 0 0 0 0
##$PAPS= 2
##$PARMODE= 1
##$PCPD= (0..9)
100 60 60 200 100 100 100 100 100 100
##$PHCOR= (0..31)
0 0 0 0 0 0 0 0 0 0 0 0 0 0 0 0 0 0 0 0 0 0 0 0 0 0 0 0 0 0 0 0
##$PHLIST= <>
##$PHP= 1
##$PH_ref= 0
##$PL= (0..63)
120 0.41 -5.17 -5.5 120 120 120 120 120 55.05873 39 27.10777 120 120 115.55
1.75 8.81 120 0.41 16.65019 120 115.55 120 120 115.55 120 120 27.10777
120 120 9.18 3.16 120 120 120 120 120 120 120 120 120 120 120 120 120 120
120 120 120 120 120 120 120 120 120 120 120 120 120 120 120 120 120 120
##$PLSTEP= 0.1
##$PLSTRT= -6
##$POWMOD= 0
##$PQPHASE= 0
##$PQSCALE= 0
##$PR= 1
##$PRECHAN= (0..15)
-1 3 -1 -1 0 -1 4 2 -1 -1 -1 -1 -1 -1 -1 -1
##$PRGAIN= 0
##$PROBHD= <33>
##$PROSOL= no
##$PULPROG= <hsqcfpf3gpphwg>
##$PW= 0
##$PYNM= <acqu.py>
##$QNP= 1
##$RD= 0
##$RECCHAN= (0..15)
-1 2 0 0 0 0 0 0 0 -1 -1 -1 -1 -1 -1 -1
##$RECPH= 0
##$RECPRE= (0..15)
-1 0 -1 -1 -1 -1 -1 -1 -1 -1 -1 -1 -1 -1 -1 -1
##$RECPRFX= (0..15)
-1 0 0 0 0 0 0 0 0 0 0 0 0 0 0 0
##$RECSEL= (0..15)
0 0 1 0 0 0 0 0 0 0 0 0 0 0 0 0
##$RG= 64
##$RO= 20
##$ROUTWD1= (0..23)
0 120 0 0 0 0 0 0 0 0 0 0 0 0 0 0 0 0 0 0 1 1 0 0
##$ROUTWD2= (0..23)
0 0 0 0 0 1 0 0 0 0 0 0 0 0 0 0 0 0 1 0 1 1 0 0
##$RSEL= (0..9)
0 0 2 6 0 0 0 0 0 0
##$S= (0..7)
83 4 83 83 83 83 83 83
##$SEOUT= 0
##$SFO1= 600.1328326136
##$SFO2= 600.13
##$SFO3= 60.8178510614325
##$SFO4= 600.13
##$SFO5= 600.03
##$SFO6= 600.03
##$SFO7= 600.03
##$SFO8= 600.03
##$SOLVENT= <H2O+D2O>
##$SP= (0..31)
1 39.95 65.4174 1.78 -0.36 39.03109 61.08717 1.78 120 0 38.07162 38.07162
0 0 3.26 0 150 150 7.17 63.3786 61.4686 64.77859 57.4586 150 150 150 150
150 150 25.26685 150 9.28
##$SP07= 0
##$SPECTR= 0
##$SPNAM0= <gauss>
##$SPNAM1= <square.100>
##$SPNAM10= <Sinc1.1000>
##$SPNAM11= <Sinc1.1000>
##$SPNAM12= <gauss>
##$SPNAM13= <gauss>
##$SPNAM14= <Crp32,1.5,20.2>
##$SPNAM15= < >
##$SPNAM16= <gauss>
##$SPNAM17= <gauss>
##$SPNAM18= <Crp60_xfilt.2>
##$SPNAM19= <Sinc1.1000>
##$SPNAM2= <Gaus1_180r.1000>
##$SPNAM20= <Sinc1.1000>
##$SPNAM21= <Sinc1.1000>
##$SPNAM22= <Sinc1.1000>
##$SPNAM23= <gauss>
##$SPNAM24= <gauss>
##$SPNAM25= <gauss>
##$SPNAM26= <gauss>
##$SPNAM27= <gauss>
##$SPNAM28= <gauss>
##$SPNAM29= <Crp60,20,20.10>
##$SPNAM3= <Crp60,0.5,20.1>
##$SPNAM30= <gauss>
##$SPNAM31= <Crp32,1.5,20.2>
##$SPNAM4= <Bip720,100,10.1>
##$SPNAM5= <gauss>
##$SPNAM6= <Squa100.1000>
##$SPNAM7= <Crp60comp.4>
##$SPNAM8= < >
##$SPNAM9= <gauss>
##$SPOAL= (0..31)
0.5 0.5 0.5 0.5 0.5 0.5 0.5 0.5 0.5 0.5 0.5 0.5 0.5 0.5 0.5 0.5 0.5 0.5
0.5 0.5 0.5 0.5 0.5 0.5 0.5 0.5 0.5 0.5 0.5 0.5 0.5 0.5
##$SPOFFS= (0..31)
0 0 0 0 0 0 0 0 0 0 0 0 0 0 0 0 0 0 0 0 0 0 0 0 0 0 0 0 0 0 0 0
##$SUBNAM0= <"">
##$SUBNAM1= <"">
##$SUBNAM2= <"">
##$SUBNAM3= <"">
##$SUBNAM4= <"">
##$SUBNAM5= <"">
##$SUBNAM6= <"">
##$SUBNAM7= <"">
##$SUBNAM8= <"">
##$SUBNAM9= <"">
##$SW= 13.9790081279688
##$SWIBOX= (0..15)
0 0 4 0 0 0 6 7 0 0 0 0 0 0 0 0
##$SW_h= 8389.26174496644
##$SWfinal= 0
##$TD= 3352
##$TD0= 1
##$TE= 298
##$TE2= 300
##$TE3= 300
##$TEG= 300
##$TL= (0..7)
0 120 120 120 120 120 120 120
##$TP= (0..7)
150 150 150 150 150 150 150 150
##$TP07= 0
##$TPNAME0= <>
##$TPNAME1= <>
##$TPNAME2= <>
##$TPNAME3= <>
##$TPNAME4= <>
##$TPNAME5= <>
##$TPNAME6= <>
##$TPNAME7= <>
##$TPOAL= (0..7)
0.5 0.5 0.5 0.5 0.5 0.5 0.5 0.5
##$TPOFFS= (0..7)
0 0 0 0 0 0 0 0
##$TUNHIN= 0
##$TUNHOUT= 0
##$TUNXOUT= 0
##$USERA1= <user>
##$USERA2= <user>
##$USERA3= <user>
##$USERA4= <user>
##$USERA5= <user>
##$V9= 5
##$VALIST= <valist>
##$VCLIST= <CCCCCCCCCCCCCCC>
##$VD= 0
##$VDLIST= <DDDDDDDDDDDDDDD>
##$VPLIST= <PPPPPPPPPPPPPPP>
##$VTLIST= <TTTTTTTTTTTTTTT>
##$WBST= 1024
##$WBSW= 4
##$XGAIN= (0..3)
0 0 0 0
##$XL= 0
##$YL= 0
##$YMAX_a= 0
##$YMIN_a= 0
##$ZGOPTNS= <>
##$ZL1= 120
##$ZL2= 120
##$ZL3= 120
##$ZL4= 120
##END=
