##TITLE= Parameter file, TOPSPIN		Version 3.2
##JCAMPDX= 5.0
##DATATYPE= Parameter Values
##NPOINTS= 5891	$$ modification sequence number
##ORIGIN= Bruker BioSpin GmbH
##OWNER= nmrsu
$$ 2016-09-22 13:35:39.394 -0400  sari@us900
$$ /opt/topspin3.2/conf/instr/spect/specpar
$$ process /opt/topspin3.2/prog/mod/cprserver
##$HPPRECH= (0..15)
-1 -1 -1 -1 -1 -1 -1 -1 -1 -1 -1 -1 -1 -1 -1 -1
##$NUC1= 1
##$NUC2= 10
##$NUC3= 12
##$NUC4= 0
##$NUC5= 0
##$NUC6= 0
##$NUC7= 0
##$NUC8= 0
##$NUCARR= (0..123)
900.158 900.158 138.179733702 960.144295079 685.73529651 132.468025416
349.835577799 126.488518865 96.70989698 288.806458679 226.344909132 65.026378738
91.212218001 122.029532202 846.994767537 71.061136988 238.108894002 55.104387183
234.552900837 178.836073155 364.390637572 69.09612808 88.196661696 73.414411046
42.004729869 23.055791862 60.580894446 218.66410396 50.746713304 50.760242678
89.748534088 236.768090658 50.881394944 223.142128964 29.145117689 213.581154777
80.438577961 238.681151447 255.678114835 56.321112749 216.050108139 274.518520792
31.400346538 154.13057973 171.673749991 46.967742001 225.525405288 243.101332298
34.634479208 86.90974181 294.535784317 39.011245439 44.109524313 83.681370151
220.324202349 58.662630743 59.893767838 202.610497155 41.453635139 46.460475963
28.683057586 41.192130238 36.436766554 41.889149582 190.972840458 199.773640217
196.826342893 197.248282954 294.520436623 320.746629969 335.674607199 215.413003312
116.653428563 235.569026192 283.997769635 180.098985828 250.335614094 74.208314395
118.066001504 89.425809442 100.033910426 118.769546994 127.153087513 275.6283796
49.058611 30.2453088 37.5365886 30.9654352 223.7792788 98.8373484 27.6348506
36.2763674 216.3979832 30.9654352 43.3876156 192.0937172 25.9245504 74.6230982
157.521402903 43.39661718 102.65401832 73.19184698 36.06933106 22.65697686
107.925343568 37.504065891 202.756988868 204.800347528 20.544585083 69.900869332
15.46471444 16.84195618 193.505020919 15.56373182 161.225697099 59.514693301
514.199054656 519.245682464 188.318445546 144.648981475 16.575509412 100
100 100
##$OFFSF= (0..7)
0 0 0 0 0 0 0 0
##$OFFSH= (0..7)
0 0 0 0 0 0 0 0
##$OFFSX= (0..7)
0 0 1004.30000000529 0 0 0 0 0
##$PRECHAN= (0..15)
-1 3 0 1 4 -1 -1 -1 -1 -1 -1 -1 -1 -1 -1 -1
##$RECPRE= (0..15)
-1 0 -1 -1 -1 -1 -1 -1 -1 -1 -1 -1 -1 -1 -1 -1
##$RECSEL= (0..15)
0 0 0 0 1 0 0 0 0 0 0 0 0 0 0 0
##$SELREC= (0..9)
0 0 0 0 0 0 0 0 0 0
##$SFO1= 900.158
##$SFO2= 226.344909
##$SFO3= 91.212218
##$SFO4= 900.158
##$SFO5= 900.158
##$SFO6= 900.158
##$SFO7= 900.158
##$SFO8= 900.158
##END=
